PATH
  remote: .
  specs:
    envoy (1.0)
      broach (= 0.2.1)
      tmail (= 1.2.7.1)

GEM
  remote: http://rubygems.org/
  specs:
    broach (0.2.1)
      json (~> 1.4)
      nap (~> 0.3)
    diff-lcs (1.1.2)
    fakeweb (1.3.0)
    json (1.5.1)
    nap (0.4)
    rspec (2.1.0)
      rspec-core (~> 2.1.0)
      rspec-expectations (~> 2.1.0)
      rspec-mocks (~> 2.1.0)
    rspec-core (2.1.0)
    rspec-expectations (2.1.0)
      diff-lcs (~> 1.1.2)
    rspec-mocks (2.1.0)
    timecop (0.3.5)
    tmail (1.2.7.1)

PLATFORMS
  ruby

DEPENDENCIES
  envoy!
  fakeweb (= 1.3.0)
  rspec (~> 2.1.0)
  timecop (~> 0.3.5)
