PATH
  remote: .
  specs:
    envoy (0.0.1)
      broach (= 0.2.1)
      i18n (~> 0.5.0)
      pony (= 1.1)

GEM
  remote: http://rubygems.org/
  specs:
    activesupport (3.0.3)
    broach (0.2.1)
      json (~> 1.4)
      nap (~> 0.3)
    diff-lcs (1.1.2)
    fakeweb (1.3.0)
    i18n (0.5.0)
    json (1.4.6)
    mail (2.2.11)
      activesupport (>= 2.3.6)
      i18n (~> 0.5.0)
      mime-types (~> 1.16)
      treetop (~> 1.4.8)
    mime-types (1.16)
    nap (0.4)
    polyglot (0.3.1)
    pony (1.1)
      mail (> 2.0)
    rspec (2.1.0)
      rspec-core (~> 2.1.0)
      rspec-expectations (~> 2.1.0)
      rspec-mocks (~> 2.1.0)
    rspec-core (2.1.0)
    rspec-expectations (2.1.0)
      diff-lcs (~> 1.1.2)
    rspec-mocks (2.1.0)
    treetop (1.4.9)
      polyglot (>= 0.3.1)

PLATFORMS
  ruby

DEPENDENCIES
  broach (= 0.2.1)
  envoy!
  fakeweb (= 1.3.0)
  i18n (~> 0.5.0)
  pony (= 1.1)
  rspec (~> 2.1.0)
